GEM
  remote: http://rubygems.org/
  specs:
    vagrant (1.5.0)

PLATFORMS
  ruby

DEPENDENCIES
  vagrant

BUNDLED WITH
   1.14.6
